PATH
  remote: .
  specs:
    daodalus (0.0.3)
      moped
      wendy

GEM
  remote: https://rubygems.org/
  specs:
    builder (3.0.4)
    cucumber (1.3.1)
      builder (>= 2.1.2)
      diff-lcs (>= 1.1.3)
      gherkin (~> 2.12.0)
      multi_json (~> 1.3)
    diff-lcs (1.1.3)
    gherkin (2.12.0)
      multi_json (~> 1.3)
    moped (1.5.0)
    multi_json (1.4.0)
    rake (10.0.2)
    rspec (2.12.0)
      rspec-core (~> 2.12.0)
      rspec-expectations (~> 2.12.0)
      rspec-mocks (~> 2.12.0)
    rspec-core (2.12.1)
    rspec-expectations (2.12.0)
      diff-lcs (~> 1.1.3)
    rspec-mocks (2.12.0)
    simplecov (0.7.1)
      multi_json (~> 1.0)
      simplecov-html (~> 0.7.1)
    simplecov-html (0.7.1)
    wendy (0.0.2)

PLATFORMS
  ruby

DEPENDENCIES
  cucumber
  daodalus!
  rake
  rspec
  simplecov
