PATH
  remote: .
  specs:
    daodalus-moped (0.1.1)
      em-synchrony-moped
      id
      moped
      optional

GEM
  remote: http://rubygems.org/
  specs:
    activemodel (3.2.12)
      activesupport (= 3.2.12)
      builder (~> 3.0.0)
    activesupport (3.2.12)
      i18n (~> 0.6)
      multi_json (~> 1.0)
    builder (3.0.4)
    cucumber (1.3.2)
      builder (>= 2.1.2)
      diff-lcs (>= 1.1.3)
      gherkin (~> 2.12.0)
      multi_json (~> 1.3)
    diff-lcs (1.2.4)
    em-resolv-replace (1.1.3)
    em-synchrony (1.0.3)
      eventmachine (>= 1.0.0.beta.1)
    em-synchrony-moped (0.9.4)
      em-resolv-replace (~> 1.1.3)
      em-synchrony (~> 1.0)
      eventmachine
      moped (~> 1.4.5)
    eventmachine (1.0.3)
    gherkin (2.12.0)
      multi_json (~> 1.3)
    i18n (0.6.4)
    id (0.0.9)
      activemodel
      activesupport
      money
      optional
    money (5.1.1)
      i18n (~> 0.6.0)
    moped (1.4.5)
    multi_json (1.7.6)
    optional (0.0.7)
    rake (10.0.4)
    rspec (2.13.0)
      rspec-core (~> 2.13.0)
      rspec-expectations (~> 2.13.0)
      rspec-mocks (~> 2.13.0)
    rspec-core (2.13.1)
    rspec-expectations (2.13.0)
      diff-lcs (>= 1.1.3, < 2.0)
    rspec-mocks (2.13.1)
    simplecov (0.7.1)
      multi_json (~> 1.0)
      simplecov-html (~> 0.7.1)
    simplecov-html (0.7.1)

PLATFORMS
  ruby

DEPENDENCIES
  cucumber
  daodalus-moped!
  moped (~> 1.4.5)
  optional
  rake
  rspec
  simplecov
